PATH
  remote: .
  specs:
    laserbeak (0.0.1)
      file-tail
      thor

GEM
  remote: https://rubygems.org/
  specs:
    file-tail (1.0.12)
      tins (~> 0.5)
    thor (0.18.1)
    tins (0.8.2)

PLATFORMS
  ruby

DEPENDENCIES
  laserbeak!
